PATH
  remote: .
  specs:
    aws-ri-convert (0.1.0)
      aws-sdk-costexplorer (= 1.14.0)
      aws-sdk-ec2
      aws-sdk-pricing
      librato-metrics
      optimist

GEM
  remote: https://rubygems.org/
  specs:
    aggregate (0.2.2)
    aws-eventstream (1.0.1)
    aws-partitions (1.115.0)
    aws-sdk-core (3.39.0)
      aws-eventstream (~> 1.0)
      aws-partitions (~> 1.0)
      aws-sigv4 (~> 1.0)
      jmespath (~> 1.0)
    aws-sdk-costexplorer (1.14.0)
      aws-sdk-core (~> 3, >= 3.39.0)
      aws-sigv4 (~> 1.0)
    aws-sdk-ec2 (1.59.0)
      aws-sdk-core (~> 3, >= 3.39.0)
      aws-sigv4 (~> 1.0)
    aws-sdk-pricing (1.6.0)
      aws-sdk-core (~> 3, >= 3.39.0)
      aws-sigv4 (~> 1.0)
    aws-sigv4 (1.0.3)
    faraday (0.15.3)
      multipart-post (>= 1.2, < 3)
    jmespath (1.4.0)
    librato-metrics (2.1.2)
      aggregate (~> 0.2.2)
      faraday
    multipart-post (2.0.0)
    optimist (3.0.0)
    rake (10.5.0)

PLATFORMS
  ruby

DEPENDENCIES
  aws-ri-convert!
  bundler (~> 1.16)
  rake (~> 10.0)

BUNDLED WITH
   1.16.2
